PATH
  remote: .
  specs:
    boardie (0.0.1)
      json
      rest-client

GEM
  remote: http://rubygems.org/
  specs:
    json (1.7.1)
    mime-types (1.18)
    rest-client (1.6.7)
      mime-types (>= 1.16)

PLATFORMS
  ruby

DEPENDENCIES
  boardie!
